PATH
  remote: .
  specs:
    prismarb (1.1.3)

GEM
  remote: https://rubygems.org/
  specs:
    rake (13.0.1)

PLATFORMS
  ruby

DEPENDENCIES
  prismarb!
  rake (>= 12.3.3)

BUNDLED WITH
   2.1.2
