PATH
  remote: .
  specs:
    prismarb (0.9)

GEM
  remote: https://rubygems.org/
  specs:
    rake (12.3.3)

PLATFORMS
  ruby

DEPENDENCIES
  prismarb!
  rake (~> 12.3)

BUNDLED WITH
   2.1.2
