PATH
  remote: .
  specs:
    prismarb (0.9)

GEM
  remote: https://rubygems.org/
  specs:
    rake (12.3.2)

PLATFORMS
  ruby

DEPENDENCIES
  prismarb!
  rake (~> 12.0)

BUNDLED WITH
   2.1.2
